PATH
  remote: .
  specs:
    nesta-theme-headstartup (0.0.1)
      bourbon
      mailchimp
      neat
      nesta
      nesta-contentfocus-extensions
      sequel_pg

GEM
  remote: https://rubygems.org/
  specs:
    RedCloth (4.2.9)
    bourbon (4.2.6)
      sass (~> 3.4)
      thor (~> 0.19)
    haml (4.0.7)
      tilt
    haml-contrib (1.0.0.1)
      haml (>= 3.2.0.alpha.13)
    httparty (0.13.7)
      json (~> 1.8)
      multi_xml (>= 0.5.2)
    json (1.8.3)
    kramdown (1.5.0)
    mailchimp (0.0.9)
      httparty
    multi_xml (0.5.5)
    neat (1.7.2)
      bourbon (>= 4.0)
      sass (>= 3.3)
    nesta (0.11.1)
      RedCloth (~> 4.2)
      haml (>= 3.1)
      haml-contrib (>= 1.0)
      rack (>= 1.3)
      rdiscount (~> 2.1)
      sass (>= 3.1)
      sinatra (~> 1.4)
      tilt (~> 1.4)
    nesta-contentfocus-extensions (0.0.3)
      kramdown (~> 1.5.0)
      nesta (>= 0.11.0)
      rouge (~> 1.9.1)
      sass_paths (~> 1.0.1)
      sinatra-flash (~> 0.3.0)
      tilt (~> 1.4.0)
    pg (0.18.3)
    rack (1.6.4)
    rack-protection (1.5.3)
      rack
    rake (10.4.2)
    rdiscount (2.1.8)
    rouge (1.9.1)
    sass (3.4.19)
    sass_paths (1.0.1)
      sass (~> 3.2)
    sequel (4.28.0)
    sequel_pg (1.6.13)
      pg (>= 0.8.0)
      sequel (>= 3.39.0)
    sinatra (1.4.6)
      rack (~> 1.4)
      rack-protection (~> 1.4)
      tilt (>= 1.3, < 3)
    sinatra-flash (0.3.0)
      sinatra (>= 1.0.0)
    thor (0.19.1)
    tilt (1.4.1)

PLATFORMS
  ruby

DEPENDENCIES
  bundler (~> 1.6)
  nesta-theme-headstartup!
  rake

BUNDLED WITH
   1.10.6
