PATH
  remote: .
  specs:
    nesta-theme-headstartup (0.0.1)
      bourbon
      mailchimp
      neat
      nesta
      nesta-contentfocus-extensions
      sequel_pg
      yajl-ruby

GEM
  remote: https://rubygems.org/
  specs:
    RedCloth (4.3.2)
    bourbon (5.1.0)
      sass (~> 3.4)
      thor (~> 0.19)
    ffi (1.10.0)
    haml (5.0.4)
      temple (>= 0.8.0)
      tilt
    haml-contrib (1.0.0.1)
      haml (>= 3.2.0.alpha.13)
    httparty (0.16.3)
      mime-types (~> 3.0)
      multi_xml (>= 0.5.2)
    kramdown (1.5.0)
    mailchimp (0.0.9)
      httparty
    mime-types (3.2.2)
      mime-types-data (~> 3.2015)
    mime-types-data (3.2018.0812)
    multi_xml (0.6.0)
    neat (3.0.1)
      sass (~> 3.4)
      thor (~> 0.19)
    nesta (0.11.1)
      RedCloth (~> 4.2)
      haml (>= 3.1)
      haml-contrib (>= 1.0)
      rack (>= 1.3)
      rdiscount (~> 2.1)
      sass (>= 3.1)
      sinatra (~> 1.4)
      tilt (~> 1.4)
    nesta-contentfocus-extensions (0.0.3)
      kramdown (~> 1.5.0)
      nesta (>= 0.11.0)
      rouge (~> 1.9.1)
      sass_paths (~> 1.0.1)
      sinatra-flash (~> 0.3.0)
      tilt (~> 1.4.0)
    pg (1.1.4)
    rack (1.6.11)
    rack-protection (1.5.5)
      rack
    rake (12.3.2)
    rb-fsevent (0.10.3)
    rb-inotify (0.10.0)
      ffi (~> 1.0)
    rdiscount (2.2.0.1)
    rouge (1.9.1)
    sass (3.7.3)
      sass-listen (~> 4.0.0)
    sass-listen (4.0.0)
      rb-fsevent (~> 0.9, >= 0.9.4)
      rb-inotify (~> 0.9, >= 0.9.7)
    sass_paths (1.0.1)
      sass (~> 3.2)
    sequel (5.16.0)
    sequel_pg (1.11.0)
      pg (>= 0.18.0)
      sequel (>= 4.38.0)
    sinatra (1.4.8)
      rack (~> 1.5)
      rack-protection (~> 1.4)
      tilt (>= 1.3, < 3)
    sinatra-flash (0.3.0)
      sinatra (>= 1.0.0)
    temple (0.8.0)
    thor (0.20.3)
    tilt (1.4.1)
    yajl-ruby (1.4.1)

PLATFORMS
  ruby

DEPENDENCIES
  bundler (~> 2.0)
  nesta-theme-headstartup!
  rake

BUNDLED WITH
   2.0.1
