PATH
  remote: .
  specs:
    nesta-theme-headstartup (0.0.1)
      bourbon
      mailchimp
      neat
      nesta
      nesta-contentfocus-extensions

GEM
  remote: https://rubygems.org/
  specs:
    RedCloth (4.2.9)
    bourbon (4.2.3)
      sass (~> 3.4)
      thor
    haml (4.1.0.beta.1)
      tilt
    haml-contrib (1.0.0.1)
      haml (>= 3.2.0.alpha.13)
    httparty (0.13.5)
      json (~> 1.8)
      multi_xml (>= 0.5.2)
    json (1.8.3)
    mailchimp (0.0.9)
      httparty
    multi_xml (0.5.5)
    neat (1.7.2)
      bourbon (>= 4.0)
      sass (>= 3.3)
    nesta (0.11.1)
      RedCloth (~> 4.2)
      haml (>= 3.1)
      haml-contrib (>= 1.0)
      rack (>= 1.3)
      rdiscount (~> 2.1)
      sass (>= 3.1)
      sinatra (~> 1.4)
      tilt (~> 1.4)
    nesta-contentfocus-extensions (0.0.1)
      nesta (>= 0.11.0)
      redcarpet (~> 3.2.2)
      tilt (~> 1.4.0)
    rack (1.6.2)
    rack-protection (1.5.3)
      rack
    rake (10.4.2)
    rdiscount (2.1.8)
    redcarpet (3.2.3)
    sass (3.4.14)
    sinatra (1.4.6)
      rack (~> 1.4)
      rack-protection (~> 1.4)
      tilt (>= 1.3, < 3)
    thor (0.19.1)
    tilt (1.4.1)

PLATFORMS
  ruby

DEPENDENCIES
  bundler (~> 1.6)
  nesta-theme-headstartup!
  rake
